GEM
  remote: https://rubygems.org/
  specs:
    activesupport (5.2.0)
      concurrent-ruby (~> 1.0, >= 1.0.2)
      i18n (>= 0.7, < 2)
      minitest (~> 5.1)
      tzinfo (~> 1.1)
    addressable (2.5.2)
      public_suffix (>= 2.0.2, < 4.0)
    chunky_png (1.3.10)
    coffee-script (2.4.1)
      coffee-script-source
      execjs
    coffee-script-source (1.11.1)
    colorator (1.1.0)
    colored2 (3.1.2)
    compass (1.0.3)
      chunky_png (~> 1.2)
      compass-core (~> 1.0.2)
      compass-import-once (~> 1.0.5)
      rb-fsevent (>= 0.9.3)
      rb-inotify (>= 0.9)
      sass (>= 3.3.13, < 3.5)
    compass-core (1.0.3)
      multi_json (~> 1.0)
      sass (>= 3.3.0, < 3.5)
    compass-import-once (1.0.5)
      sass (>= 3.2, < 3.5)
    concurrent-ruby (1.0.5)
    diff-lcs (1.3)
    docile (1.3.1)
    em-websocket (0.5.1)
      eventmachine (>= 0.12.9)
      http_parser.rb (~> 0.6.0)
    eventmachine (1.2.7)
    execjs (2.7.0)
    extras (0.3.0)
      forwardable-extended (~> 2.5)
    faraday (0.15.2)
      multipart-post (>= 1.2, < 3)
    fastimage (2.1.3)
    ffi (1.9.25)
    forwardable-extended (2.6.0)
    hashie (3.5.7)
    http_parser.rb (0.6.0)
    i18n (0.9.5)
      concurrent-ruby (~> 1.0)
    jekyll (3.8.3)
      addressable (~> 2.4)
      colorator (~> 1.0)
      em-websocket (~> 0.5)
      i18n (~> 0.7)
      jekyll-sass-converter (~> 1.0)
      jekyll-watch (~> 2.0)
      kramdown (~> 1.14)
      liquid (~> 4.0)
      mercenary (~> 0.3.3)
      pathutil (~> 0.9)
      rouge (>= 1.7, < 4)
      safe_yaml (~> 1.0)
    jekyll-assets (3.0.11)
      activesupport (~> 5.0)
      execjs (~> 2.7)
      extras (~> 0.2)
      fastimage (~> 2.0, >= 1.8)
      jekyll (>= 3.5, < 4.0)
      jekyll-sanity (~> 1.2)
      liquid-tag-parser (~> 1.0)
      nokogiri (~> 1.8)
      pathutil (~> 0.16)
      sprockets (>= 3.3, < 4.1.beta)
    jekyll-coffeescript (1.1.1)
      coffee-script (~> 2.2)
      coffee-script-source (~> 1.11.1)
    jekyll-compass (2.0.1)
      compass (~> 1.0)
      jekyll (~> 3.0)
    jekyll-feed (0.10.0)
      jekyll (~> 3.3)
    jekyll-gist (1.5.0)
      octokit (~> 4.2)
    jekyll-paginate (1.1.0)
    jekyll-sanity (1.2.0)
      jekyll (~> 3.1)
    jekyll-sass-converter (1.5.2)
      sass (~> 3.4)
    jekyll-sitemap (1.2.0)
      jekyll (~> 3.3)
    jekyll-toc (0.6.0)
      nokogiri (~> 1.7)
    jekyll-watch (2.0.0)
      listen (~> 3.0)
    json (2.1.0)
    kramdown (1.17.0)
    liquid (4.0.0)
    liquid-tag-parser (1.9.0)
      extras (~> 0.3)
      liquid (>= 3.0, < 5.0)
    listen (3.1.5)
      rb-fsevent (~> 0.9, >= 0.9.4)
      rb-inotify (~> 0.9, >= 0.9.7)
      ruby_dep (~> 1.2)
    mercenary (0.3.6)
    mini_portile2 (2.3.0)
    minitest (5.11.3)
    multi_json (1.13.1)
    multipart-post (2.0.0)
    nokogiri (1.8.4)
      mini_portile2 (~> 2.3.0)
    octokit (4.9.0)
      sawyer (~> 0.8.0, >= 0.5.3)
    pathutil (0.16.1)
      forwardable-extended (~> 2.6)
    public_suffix (3.0.2)
    rack (2.0.5)
    rake (12.3.1)
    rb-fsevent (0.10.3)
    rb-inotify (0.9.10)
      ffi (>= 0.5.0, < 2)
    redcarpet (3.4.0)
    rouge (3.1.1)
    rspec (3.7.0)
      rspec-core (~> 3.7.0)
      rspec-expectations (~> 3.7.0)
      rspec-mocks (~> 3.7.0)
    rspec-core (3.7.1)
      rspec-support (~> 3.7.0)
    rspec-expectations (3.7.0)
      diff-lcs (>= 1.2.0, < 2.0)
      rspec-support (~> 3.7.0)
    rspec-its (1.2.0)
      rspec-core (>= 3.0.0)
      rspec-expectations (>= 3.0.0)
    rspec-mocks (3.7.0)
      diff-lcs (>= 1.2.0, < 2.0)
      rspec-support (~> 3.7.0)
    rspec-support (3.7.1)
    ruby_dep (1.5.0)
    safe_yaml (1.0.4)
    sass (3.4.25)
    sawyer (0.8.1)
      addressable (>= 2.3.5, < 2.6)
      faraday (~> 0.8, < 1.0)
    simplecov (0.16.1)
      docile (~> 1.1)
      json (>= 1.8, < 3)
      simplecov-html (~> 0.10.0)
    simplecov-html (0.10.2)
    sprockets (3.7.2)
      concurrent-ruby (~> 1.0)
      rack (> 1, < 3)
    thread_safe (0.3.6)
    tzinfo (1.2.5)
      thread_safe (~> 0.1)
    yui-compressor (0.12.0)

PLATFORMS
  ruby

DEPENDENCIES
  colored2
  hashie
  jekyll
  jekyll-assets
  jekyll-coffeescript
  jekyll-compass
  jekyll-feed
  jekyll-gist
  jekyll-paginate
  jekyll-sitemap
  jekyll-toc
  jekyll-watch
  nokogiri
  rake
  redcarpet
  rspec
  rspec-its
  simplecov
  yui-compressor

BUNDLED WITH
   1.16.2
